GEM
  remote: https://rubygems.org/
  specs:
    minitest (5.20.0)

PLATFORMS
  arm64-darwin-22

DEPENDENCIES
  minitest

RUBY VERSION
   ruby 3.1.3p185

BUNDLED WITH
   2.3.26
